GEM
  remote: https://rubygems.org/
  specs:
    kramdown (2.3.0)
      rexml
    kramdown-parser-gfm (1.1.0)
      kramdown (~> 2.0)
    rexml (3.2.4)
    rouge (3.26.0)

PLATFORMS
  ruby

DEPENDENCIES
  kramdown (~> 2.3)
  kramdown-parser-gfm (~> 1.1)
  rouge (~> 3.26)

BUNDLED WITH
   2.1.4
